GIT
  remote: https://github.com/pond/sdoc.git
  revision: 35c0ad2a3920f665238709f6d92e4dc43f31aeee
  branch: master
  specs:
    sdoc (1.0.0)
      json (~> 1.7, >= 1.7.7)
      rdoc (~> 5.1)

GEM
  remote: https://rubygems.org/
  specs:
    activemodel (5.1.4)
      activesupport (= 5.1.4)
    activerecord (5.1.4)
      activemodel (= 5.1.4)
      activesupport (= 5.1.4)
      arel (~> 8.0)
    activesupport (5.1.4)
      concurrent-ruby (~> 1.0, >= 1.0.2)
      i18n (~> 0.7)
      minitest (~> 5.1)
      tzinfo (~> 1.1)
    airbrake (7.1.0)
      airbrake-ruby (~> 2.5)
    airbrake-ruby (2.5.1)
    arel (8.0.0)
    byebug (9.1.0)
    coderay (1.1.2)
    concurrent-ruby (1.0.5)
    dalli (2.7.6)
    database_cleaner (1.6.2)
    ddtrace (0.9.2)
      msgpack
    diff-lcs (1.3)
    docile (1.1.5)
    factory_bot (4.8.2)
      activesupport (>= 3.0.0)
    faker (1.8.4)
      i18n (~> 0.5)
    ffi (1.9.18)
    formatador (0.2.5)
    guard (2.14.1)
      formatador (>= 0.2.4)
      listen (>= 2.7, < 4.0)
      lumberjack (~> 1.0)
      nenv (~> 0.1)
      notiffany (~> 0.0)
      pry (>= 0.9.12)
      shellany (~> 0.0)
      thor (>= 0.18.1)
    guard-compat (1.2.1)
    guard-rspec (4.7.3)
      guard (~> 2.1)
      guard-compat (~> 1.1)
      rspec (>= 2.99.0, < 4.0)
    guard-shotgun (0.4.0)
      ffi
      guard (~> 2.0)
      spoon
    hoodoo (2.2.0)
      dalli (~> 2.7)
    httparty (0.15.6)
      multi_xml (>= 0.5.2)
    i18n (0.9.1)
      concurrent-ruby (~> 1.0)
    json (1.8.6)
    listen (3.1.5)
      rb-fsevent (~> 0.9, >= 0.9.4)
      rb-inotify (~> 0.9, >= 0.9.7)
      ruby_dep (~> 1.2)
    lumberjack (1.0.12)
    method_source (0.9.0)
    minitest (5.10.3)
    msgpack (1.1.0)
    multi_xml (0.6.0)
    nenv (0.3.0)
    newrelic_rpm (4.5.0.337)
    notiffany (0.1.1)
      nenv (~> 0.1)
      shellany (~> 0.0)
    pg (0.21.0)
    pry (0.11.2)
      coderay (~> 1.1.0)
      method_source (~> 0.9.0)
    pry-byebug (3.5.0)
      byebug (~> 9.1)
      pry (~> 0.10)
    rack (2.0.3)
    rack-test (0.7.0)
      rack (>= 1.0, < 3)
    rackdb (2.0.0)
      activerecord (~> 5)
      rack (~> 2.0)
    racksh (1.0.0)
      rack (>= 1.0)
      rack-test (>= 0.5)
    rake (12.2.1)
    raygun4ruby (2.6.0)
      concurrent-ruby
      httparty (> 0.13.7)
      json
      rack
    rb-fsevent (0.10.2)
    rb-inotify (0.9.10)
      ffi (>= 0.5.0, < 2)
    rdoc (5.1.0)
    rspec (3.7.0)
      rspec-core (~> 3.7.0)
      rspec-expectations (~> 3.7.0)
      rspec-mocks (~> 3.7.0)
    rspec-core (3.7.0)
      rspec-support (~> 3.7.0)
    rspec-expectations (3.7.0)
      diff-lcs (>= 1.2.0, < 2.0)
      rspec-support (~> 3.7.0)
    rspec-mocks (3.7.0)
      diff-lcs (>= 1.2.0, < 2.0)
      rspec-support (~> 3.7.0)
    rspec-support (3.7.0)
    ruby_dep (1.5.0)
    shellany (0.0.1)
    simplecov (0.15.1)
      docile (~> 1.1.0)
      json (>= 1.8, < 3)
      simplecov-html (~> 0.10.0)
    simplecov-html (0.10.2)
    simplecov-rcov (0.2.3)
      simplecov (>= 0.4.1)
    spoon (0.0.6)
      ffi
    thor (0.20.0)
    thread_safe (0.3.6)
    timecop (0.9.1)
    tzinfo (1.2.4)
      thread_safe (~> 0.1)

PLATFORMS
  ruby

DEPENDENCIES
  activerecord (~> 5.1)
  activesupport (~> 5.1)
  airbrake (~> 7.1)
  byebug
  database_cleaner (~> 1.3)
  ddtrace (~> 0.9)
  factory_bot (~> 4.8)
  faker (~> 1.4)
  guard-rspec
  guard-shotgun
  hoodoo (~> 2.2)
  newrelic_rpm (~> 4.3)
  pg (~> 0.21)
  pry-byebug
  rack (~> 2.0)
  rack-test (~> 0.6)
  rackdb (~> 2.0)
  racksh (~> 1.0)
  rake (~> 12.2)
  raygun4ruby (~> 2.6)
  rspec (~> 3.1)
  sdoc!
  simplecov-rcov (~> 0.2)
  thor
  timecop

RUBY VERSION
   ruby 2.3.5p376

BUNDLED WITH
   1.15.4
