GIT
  remote: https://github.com/pond/sdoc.git
  revision: 5c5a85694027e946adeadfaad43cca11320f9b4d
  branch: master
  specs:
    sdoc (0.4.1)
      erubis
      json (~> 1.7, >= 1.7.7)
      rdoc (~> 4.0)

GIT
  remote: https://github.com/whithajess/dd-trace-rb.git
  revision: ec801dff9c5eb271edcfdba1bdf86ccc65f7f53c
  branch: feature/rack_dynamic_tracing
  specs:
    ddtrace (0.7.2)
      msgpack

GEM
  remote: https://rubygems.org/
  specs:
    activemodel (4.2.8)
      activesupport (= 4.2.8)
      builder (~> 3.1)
    activerecord (4.2.8)
      activemodel (= 4.2.8)
      activesupport (= 4.2.8)
      arel (~> 6.0)
    activesupport (4.2.8)
      i18n (~> 0.7)
      minitest (~> 5.1)
      thread_safe (~> 0.3, >= 0.3.4)
      tzinfo (~> 1.1)
    airbrake (4.3.8)
      builder
      multi_json
    arel (6.0.4)
    builder (3.2.3)
    byebug (9.0.6)
    coderay (1.1.1)
    dalli (2.7.6)
    database_cleaner (1.6.1)
    diff-lcs (1.3)
    docile (1.1.5)
    erubis (2.7.0)
    factory_girl (4.8.0)
      activesupport (>= 3.0.0)
    faker (1.7.3)
      i18n (~> 0.5)
    ffi (1.9.18)
    formatador (0.2.5)
    guard (2.14.1)
      formatador (>= 0.2.4)
      listen (>= 2.7, < 4.0)
      lumberjack (~> 1.0)
      nenv (~> 0.1)
      notiffany (~> 0.0)
      pry (>= 0.9.12)
      shellany (~> 0.0)
      thor (>= 0.18.1)
    guard-compat (1.2.1)
    guard-rspec (4.7.3)
      guard (~> 2.1)
      guard-compat (~> 1.1)
      rspec (>= 2.99.0, < 4.0)
    guard-shotgun (0.4.0)
      ffi
      guard (~> 2.0)
      spoon
    hoodoo (1.15.1)
      dalli (~> 2.7)
    httparty (0.15.5)
      multi_xml (>= 0.5.2)
    i18n (0.8.4)
    json (1.8.6)
    listen (3.1.5)
      rb-fsevent (~> 0.9, >= 0.9.4)
      rb-inotify (~> 0.9, >= 0.9.7)
      ruby_dep (~> 1.2)
    lumberjack (1.0.12)
    method_source (0.8.2)
    minitest (5.10.2)
    msgpack (1.1.0)
    multi_json (1.12.1)
    multi_xml (0.6.0)
    nenv (0.3.0)
    newrelic_rpm (3.17.2.327)
    notiffany (0.1.1)
      nenv (~> 0.1)
      shellany (~> 0.0)
    pg (0.21.0)
    pry (0.10.4)
      coderay (~> 1.1.0)
      method_source (~> 0.8.1)
      slop (~> 3.4)
    pry-byebug (3.4.2)
      byebug (~> 9.0)
      pry (~> 0.10)
    rack (2.0.3)
    rack-test (0.6.3)
      rack (>= 1.0)
    rackdb (1.1.0)
      activerecord (~> 4)
      rack (~> 2.0)
    racksh (1.0.0)
      rack (>= 1.0)
      rack-test (>= 0.5)
    rake (10.5.0)
    raygun4ruby (1.5.0)
      httparty (> 0.13.7)
      json
      rack
    rb-fsevent (0.9.8)
    rb-inotify (0.9.8)
      ffi (>= 0.5.0)
    rdoc (4.3.0)
    rspec (3.6.0)
      rspec-core (~> 3.6.0)
      rspec-expectations (~> 3.6.0)
      rspec-mocks (~> 3.6.0)
    rspec-core (3.6.0)
      rspec-support (~> 3.6.0)
    rspec-expectations (3.6.0)
      diff-lcs (>= 1.2.0, < 2.0)
      rspec-support (~> 3.6.0)
    rspec-mocks (3.6.0)
      diff-lcs (>= 1.2.0, < 2.0)
      rspec-support (~> 3.6.0)
    rspec-support (3.6.0)
    ruby_dep (1.5.0)
    shellany (0.0.1)
    simplecov (0.14.1)
      docile (~> 1.1.0)
      json (>= 1.8, < 3)
      simplecov-html (~> 0.10.0)
    simplecov-html (0.10.1)
    simplecov-rcov (0.2.3)
      simplecov (>= 0.4.1)
    slop (3.6.0)
    spoon (0.0.6)
      ffi
    thor (0.19.4)
    thread_safe (0.3.6)
    timecop (0.8.1)
    tzinfo (1.2.3)
      thread_safe (~> 0.1)

PLATFORMS
  ruby

DEPENDENCIES
  activerecord (~> 4.1)
  activesupport (~> 4.1)
  airbrake (~> 4.1)
  byebug
  database_cleaner (~> 1.3)
  ddtrace!
  factory_girl (~> 4.4)
  faker (~> 1.4)
  guard-rspec
  guard-shotgun
  hoodoo (~> 1.9)
  newrelic_rpm (~> 3.17.0)
  pg (~> 0.17)
  pry-byebug
  rack (~> 2.0)
  rack-test (~> 0.6)
  rackdb (~> 1.1)
  racksh (~> 1.0)
  rake (~> 10.3)
  raygun4ruby (~> 1.1)
  rspec (~> 3.1)
  sdoc!
  simplecov-rcov (~> 0.2)
  thor
  timecop

RUBY VERSION
   ruby 2.3.3p222

BUNDLED WITH
   1.14.6
